GEM
  remote: https://rubygems.org/
  specs:
    builder (3.2.2)
    expression_parser (0.9.0)
    mysql2 (0.3.16)
    pandoc-ruby (0.7.5)
    rinku (1.7.3)
    wikicloth (0.8.1)
      builder
      expression_parser
      rinku

PLATFORMS
  ruby

DEPENDENCIES
  mysql2
  pandoc-ruby
  wikicloth
